GEM
  remote: http://rubygems.org/
  specs:
    activemodel (3.1.2)
      activesupport (= 3.1.2)
      builder (~> 3.0.0)
      i18n (~> 0.6)
    activerecord (3.1.2)
      activemodel (= 3.1.2)
      activesupport (= 3.1.2)
      arel (~> 2.2.1)
      tzinfo (~> 0.3.29)
    activesupport (3.1.2)
      multi_json (~> 1.0)
    addressable (2.2.6)
    archive-tar-minitar (0.5.2)
    arel (2.2.1)
    binding_of_caller (0.5.0)
    builder (3.0.0)
    clint (0.2.7)
    coderay (0.9.8)
    columnize (0.3.4)
    faraday (0.7.5)
      addressable (~> 2.2.6)
      multipart-post (~> 1.1.3)
      rack (>= 1.1.0, < 2)
    fattr (2.2.0)
    github_api (0.2.0)
      faraday (~> 0.7.4)
      hashie (~> 1.1.0)
      multi_json (~> 1.0.3)
      oauth2 (~> 0.5.0)
    hashie (1.1.0)
    hoe (2.12.3)
      rake (~> 0.8)
    i18n (0.6.0)
    json (1.6.1)
    jsonpretty (1.1.0)
    linecache19 (0.5.12)
      ruby_core_source (>= 0.1.4)
    method_source (0.6.7)
      ruby_parser (>= 2.3.1)
    mpapis-bundler (1.0.21.1)
      rubygems-bundler (>= 0.2.7)
    multi_json (1.0.3)
    multipart-post (1.1.3)
    notes (0.0.2)
      rainbow (>= 1.1)
      rak (>= 1.0)
    oauth2 (0.5.1)
      faraday (~> 0.7.4)
      multi_json (~> 1.0.3)
    pg (0.11.0)
    pry (0.9.7.5)
      coderay (~> 0.9.8)
      method_source (~> 0.6.7)
      ruby_parser (>= 2.3.1)
      slop (~> 2.2.0)
    pry-doc (0.3.0)
      pry (>= 0.9.0)
      yard (>= 0.6.4)
    pry-stack_explorer (0.2.2pre1)
      binding_of_caller (~> 0.5.0)
    rack (1.3.5)
    rainbow (1.1.2)
    rak (1.0)
    rake (0.9.2)
    ruby-debug-base19 (0.11.25)
      columnize (>= 0.3.1)
      linecache19 (>= 0.5.11)
      ruby_core_source (>= 0.1.4)
    ruby-debug19 (0.11.6)
      columnize (>= 0.3.1)
      linecache19 (>= 0.5.11)
      ruby-debug-base19 (>= 0.11.19)
    ruby_core_source (0.1.5)
      archive-tar-minitar (>= 0.5.2)
    ruby_parser (2.3.1)
      sexp_processor (~> 3.0)
    rubygems-bundler (0.2.7)
    session (3.1.0)
      fattr
    sexp_processor (3.0.8)
    slop (2.2.0)
    standalone_migrations (1.0.5)
      activerecord (>= 3)
      rake
    tzinfo (0.3.31)
    yard (0.7.3)

PLATFORMS
  ruby

DEPENDENCIES
  activerecord
  clint
  github_api (= 0.2.0)
  hoe
  json
  jsonpretty
  mpapis-bundler
  notes
  pg
  pry
  pry-doc
  pry-stack_explorer
  rake (= 0.9.2)
  ruby-debug19
  session
  standalone_migrations
